PATH
  remote: .
  specs:
    feature_branch_changer (0.0.1)
      git
      sinatra

GEM
  remote: https://rubygems.org/
  specs:
    backports (3.1.1)
    diff-lcs (1.2.1)
    git (1.2.5)
    monkey-lib (0.5.4)
      backports
    rack (1.5.2)
    rack-protection (1.5.0)
      rack
    rake (10.0.3)
    rspec (2.13.0)
      rspec-core (~> 2.13.0)
      rspec-expectations (~> 2.13.0)
      rspec-mocks (~> 2.13.0)
    rspec-core (2.13.1)
    rspec-expectations (2.13.0)
      diff-lcs (>= 1.1.3, < 2.0)
    rspec-mocks (2.13.0)
    sinatra (1.4.1)
      rack (~> 1.5, >= 1.5.2)
      rack-protection (~> 1.4)
      tilt (~> 1.3, >= 1.3.4)
    sinatra-advanced-routes (0.5.2)
      monkey-lib (~> 0.5.0)
      sinatra (~> 1.0)
      sinatra-sugar (~> 0.5.0)
    sinatra-reloader (0.5.0)
      sinatra (~> 1.0)
      sinatra-advanced-routes (~> 0.5.0)
    sinatra-sugar (0.5.1)
      monkey-lib (~> 0.5.0)
      sinatra (~> 1.0)
    tilt (1.3.5)

PLATFORMS
  ruby

DEPENDENCIES
  bundler (~> 1.3)
  feature_branch_changer!
  rake
  rspec
  sinatra-reloader
